GEM
  remote: https://rubygems.org/
  specs:
    aws-sdk (1.9.1)
      json (~> 1.4)
      nokogiri (>= 1.4.4)
      uuidtools (~> 2.1)
    daemons (1.1.9)
    eventmachine (1.0.3)
    eventmachine (1.0.3-java)
    haml (3.1.8)
    json (1.7.7)
    json (1.7.7-java)
    nokogiri (1.5.9)
    nokogiri (1.5.9-java)
    rack (1.5.2)
    rack-protection (1.5.0)
      rack
    sinatra (1.3.6)
      rack (~> 1.4)
      rack-protection (~> 1.3)
      tilt (~> 1.3, >= 1.3.3)
    thin (1.5.1)
      daemons (>= 1.0.9)
      eventmachine (>= 0.12.6)
      rack (>= 1.0.0)
    tilt (1.3.7)
    uuidtools (2.1.3)

PLATFORMS
  java
  ruby

DEPENDENCIES
  aws-sdk (~> 1.9.1)
  haml (~> 3.1.7)
  sinatra (~> 1.3.3)
  thin (~> 1.5.1)
